GEM
  remote: https://rubygems.org/
  specs:
    panamax_template_validator (0.0.2)
    rake (10.3.2)

PLATFORMS
  ruby

DEPENDENCIES
  panamax_template_validator
  rake
